GEM
  remote: http://rubygems.org/
  specs:
    capistrano (3.0.0.pre12)
      i18n
      rake (>= 10.0.0)
      sshkit (>= 0.0.23)
    i18n (0.6.4)
    net-scp (1.1.2)
      net-ssh (>= 2.6.5)
    net-ssh (2.6.8)
    rack (1.5.2)
    rack-protection (1.5.0)
      rack
    rake (10.1.0)
    sinatra (1.4.3)
      rack (~> 1.4)
      rack-protection (~> 1.4)
      tilt (~> 1.3, >= 1.3.4)
    sshkit (0.0.33)
      net-scp
      net-ssh
      term-ansicolor
    term-ansicolor (1.2.2)
      tins (~> 0.8)
    tilt (1.4.1)
    tins (0.8.2)

PLATFORMS
  ruby

DEPENDENCIES
  capistrano (~> 3.0.0pre)
  sinatra (~> 1.4.3)
